GEM
  remote: https://rubygems.org/
  specs:
    colorable (0.2.0)
    hitimes (1.2.5)
    timers (4.1.2)
      hitimes

PLATFORMS
  ruby

DEPENDENCIES
  colorable
  timers

RUBY VERSION
   ruby 2.4.1p111

BUNDLED WITH
   1.15.3
